GEM
  remote: https://rubygems.org/
  specs:
    activemodel (4.2.6)
      activesupport (= 4.2.6)
      builder (~> 3.1)
    activesupport (4.2.6)
      i18n (~> 0.7)
      json (~> 1.7, >= 1.7.7)
      minitest (~> 5.1)
      thread_safe (~> 0.3, >= 0.3.4)
      tzinfo (~> 1.1)
    axiom-types (0.1.1)
      descendants_tracker (~> 0.0.4)
      ice_nine (~> 0.11.0)
      thread_safe (~> 0.3, >= 0.3.1)
    big_sitemap (1.1.0)
    bourbon (4.2.7)
      sass (~> 3.4)
      thor (~> 0.19)
    builder (3.2.2)
    coercible (1.0.0)
      descendants_tracker (~> 0.0.1)
    descendants_tracker (0.0.4)
      thread_safe (~> 0.3, >= 0.3.1)
    elasticsearch (1.0.17)
      elasticsearch-api (= 1.0.17)
      elasticsearch-transport (= 1.0.17)
    elasticsearch-api (1.0.17)
      multi_json
    elasticsearch-model (0.1.8)
      activesupport (> 3)
      elasticsearch (> 0.4)
      hashie
    elasticsearch-persistence (0.1.8)
      activemodel (> 3)
      activesupport (> 3)
      elasticsearch (> 0.4)
      elasticsearch-model (>= 0.1)
      hashie
      virtus
    elasticsearch-transport (1.0.17)
      faraday
      multi_json
    equalizer (0.0.11)
    faraday (0.9.2)
      multipart-post (>= 1.2, < 3)
    hashie (3.4.3)
    i18n (0.7.0)
    ice_nine (0.11.2)
    json (1.8.3)
    minitest (5.8.4)
    multi_json (1.11.2)
    multipart-post (2.0.0)
    neat (1.7.4)
      bourbon (>= 4.0)
      sass (>= 3.3)
    sass (3.4.22)
    thor (0.19.1)
    thread_safe (0.3.5)
    tzinfo (1.2.2)
      thread_safe (~> 0.1)
    virtus (1.0.5)
      axiom-types (~> 0.1)
      coercible (~> 1.0)
      descendants_tracker (~> 0.0, >= 0.0.3)
      equalizer (~> 0.0, >= 0.0.9)

PLATFORMS
  ruby

DEPENDENCIES
  activemodel (~> 4.0)
  big_sitemap
  bourbon
  elasticsearch-persistence
  neat
  sass

BUNDLED WITH
   1.11.2
